GEM
  remote: https://rubygems.org/
  specs:
    bson (1.12.5)
    bson_ext (1.12.5)
      bson (~> 1.12.5)
    mini_portile2 (2.1.0)
    mongo (1.12.5)
      bson (= 1.12.5)
    nokogiri (1.6.8)
      mini_portile2 (~> 2.1.0)
      pkg-config (~> 1.1.7)
    pkg-config (1.1.7)

PLATFORMS
  ruby

DEPENDENCIES
  bson_ext
  mongo
  nokogiri

BUNDLED WITH
   1.12.5
